GIT
  remote: https://github.com/PopulateTools/gobierto_budgets_data.git
  revision: 5d9e11c97cb91270b66c98561fd5032193fbb2b1
  specs:
    gobierto_budgets_data (0.1.0)
      actionpack
      activesupport
      aws-sdk-s3
      elasticsearch (~> 7.17.10)
      ine-places (~> 0.3.0)
      oj (~> 3.6)
      rake (~> 13.0)

GEM
  remote: https://rubygems.org/
  specs:
    actionpack (7.1.3.4)
      actionview (= 7.1.3.4)
      activesupport (= 7.1.3.4)
      nokogiri (>= 1.8.5)
      racc
      rack (>= 2.2.4)
      rack-session (>= 1.0.1)
      rack-test (>= 0.6.3)
      rails-dom-testing (~> 2.2)
      rails-html-sanitizer (~> 1.6)
    actionview (7.1.3.4)
      activesupport (= 7.1.3.4)
      builder (~> 3.1)
      erubi (~> 1.11)
      rails-dom-testing (~> 2.2)
      rails-html-sanitizer (~> 1.6)
    activesupport (7.1.3.4)
      base64
      bigdecimal
      concurrent-ruby (~> 1.0, >= 1.0.2)
      connection_pool (>= 2.2.5)
      drb
      i18n (>= 1.6, < 2)
      minitest (>= 5.1)
      mutex_m
      tzinfo (~> 2.0)
    addressable (2.8.6)
      public_suffix (>= 2.0.2, < 6.0)
    akami (1.3.3)
      base64
      gyoku (>= 0.4.0)
      nokogiri
    aws-eventstream (1.3.0)
    aws-partitions (1.934.0)
    aws-sdk-core (3.196.1)
      aws-eventstream (~> 1, >= 1.3.0)
      aws-partitions (~> 1, >= 1.651.0)
      aws-sigv4 (~> 1.8)
      jmespath (~> 1, >= 1.6.1)
    aws-sdk-kms (1.82.0)
      aws-sdk-core (~> 3, >= 3.193.0)
      aws-sigv4 (~> 1.1)
    aws-sdk-s3 (1.151.0)
      aws-sdk-core (~> 3, >= 3.194.0)
      aws-sdk-kms (~> 1)
      aws-sigv4 (~> 1.8)
    aws-sigv4 (1.8.0)
      aws-eventstream (~> 1, >= 1.0.2)
    base64 (0.2.0)
    bigdecimal (3.1.8)
    builder (3.2.4)
    concurrent-ruby (1.3.1)
    connection_pool (2.4.1)
    crass (1.0.6)
    date (3.3.4)
    drb (2.2.1)
    elasticsearch (7.17.10)
      elasticsearch-api (= 7.17.10)
      elasticsearch-transport (= 7.17.10)
    elasticsearch-api (7.17.10)
      multi_json
    elasticsearch-transport (7.17.10)
      faraday (>= 1, < 3)
      multi_json
    erubi (1.12.0)
    faraday (2.9.0)
      faraday-net_http (>= 2.0, < 3.2)
    faraday-net_http (3.1.0)
      net-http
    gyoku (1.4.0)
      builder (>= 2.1.2)
      rexml (~> 3.0)
    httpi (4.0.1)
      base64
      mutex_m
      nkf
      rack (>= 2.0, < 3.1)
    i18n (1.14.5)
      concurrent-ruby (~> 1.0)
    ine-places (0.3.0)
      activesupport (>= 4.2)
    jmespath (1.6.2)
    loofah (2.22.0)
      crass (~> 1.0.2)
      nokogiri (>= 1.12.0)
    mail (2.8.1)
      mini_mime (>= 0.1.1)
      net-imap
      net-pop
      net-smtp
    mini_mime (1.1.5)
    mini_portile2 (2.8.7)
    minitest (5.23.1)
    multi_json (1.15.0)
    mutex_m (0.2.0)
    net-http (0.4.1)
      uri
    net-imap (0.4.11)
      date
      net-protocol
    net-pop (0.1.2)
      net-protocol
    net-protocol (0.2.2)
      timeout
    net-smtp (0.5.0)
      net-protocol
    nkf (0.2.0)
    nokogiri (1.16.5)
      mini_portile2 (~> 2.8.2)
      racc (~> 1.4)
    nori (2.7.0)
      bigdecimal
    oj (3.16.3)
      bigdecimal (>= 3.0)
    public_suffix (5.0.5)
    racc (1.8.0)
    rack (3.0.11)
    rack-session (2.0.0)
      rack (>= 3.0.0)
    rack-test (2.1.0)
      rack (>= 1.3)
    rails-dom-testing (2.2.0)
      activesupport (>= 5.0.0)
      minitest
      nokogiri (>= 1.6)
    rails-html-sanitizer (1.6.0)
      loofah (~> 2.21)
      nokogiri (~> 1.14)
    rake (13.2.1)
    rexml (3.2.8)
      strscan (>= 3.0.9)
    savon (2.15.0)
      akami (~> 1.2)
      builder (>= 2.1.2)
      gyoku (~> 1.2)
      httpi (>= 2.4.5, < 5)
      mail (~> 2.5)
      nokogiri (>= 1.8.1)
      nori (~> 2.4)
      wasabi (>= 3.7, < 6)
    strscan (3.1.0)
    timeout (0.4.1)
    tzinfo (2.0.6)
      concurrent-ruby (~> 1.0)
    uri (0.13.0)
    wasabi (5.0.2)
      addressable
      faraday (~> 2.8)
      nokogiri (>= 1.13.9)

PLATFORMS
  ruby

DEPENDENCIES
  gobierto_budgets_data!
  savon

BUNDLED WITH
   2.1.4
